GEM
  remote: https://rubygems.org/
  specs:
    vimrunner (0.3.1)

PLATFORMS
  ruby

DEPENDENCIES
  vimrunner
